GEM
  remote: https://rubygems.org/
  specs:
    activesupport (4.1.4)
      i18n (~> 0.6, >= 0.6.9)
      json (~> 1.7, >= 1.7.7)
      minitest (~> 5.1)
      thread_safe (~> 0.1)
      tzinfo (~> 1.1)
    archive-tar-minitar (0.5.2)
    ast (2.0.0)
    astrolabe (1.3.0)
      parser (>= 2.2.0.pre.3, < 3.0)
    atomic (1.1.16)
    avl_tree (1.1.3)
    clockwork (0.7.7)
      activesupport
      tzinfo
    consul_api (0.0.3)
      faraday
      hashie
    docker-api (1.13.2)
      archive-tar-minitar
      excon (>= 0.38.0)
      json
    excon (0.39.3)
    faraday (0.9.0)
      multipart-post (>= 1.2, < 3)
    ffi (1.9.3)
    hashie (3.3.1)
    hitimes (1.2.2)
    i18n (0.6.11)
    json (1.8.1)
    logstash-event (1.2.02)
    logstash-logger (0.6.2)
      logstash-event (~> 1.2)
      stud
    metriks (0.9.9.6)
      atomic (~> 1.0)
      avl_tree (~> 1.1.2)
      hitimes (~> 1.1)
    minitest (5.4.0)
    multipart-post (2.0.0)
    parser (2.2.0.pre.4)
      ast (>= 1.1, < 3.0)
      slop (~> 3.4, >= 3.4.5)
    powerpack (0.0.9)
    rainbow (2.0.0)
    rubocop (0.26.1)
      astrolabe (~> 1.3)
      parser (>= 2.2.0.pre.4, < 3.0)
      powerpack (~> 0.0.6)
      rainbow (>= 1.99.1, < 3.0)
      ruby-progressbar (~> 1.4)
    ruby-progressbar (1.5.1)
    slop (3.6.0)
    stud (0.0.17)
      ffi
      metriks
    thread_safe (0.3.4)
    tzinfo (1.2.1)
      thread_safe (~> 0.1)

PLATFORMS
  ruby

DEPENDENCIES
  activesupport
  clockwork
  consul_api
  docker-api
  faraday
  logstash-logger
  rubocop
